NUGET
  remote: https://www.nuget.org/api/v2
  specs:
    Argu (2.1)
    Chessie (0.4.0)
      FSharp.Core
    FSharp.Core (4.0.0.1) - redirects: force
    Newtonsoft.Json (8.0.2) - redirects: force
    ZipStorer (2.38)
GITHUB
  remote: fsharp/FAKE
  specs:
    src/app/FakeLib/Globbing/Globbing.fs (e537d90b050d02cc287cb64e18b72a8b7e984805)
  remote: fsharp/FSharp.Data
  specs:
    src/CommonProviderImplementation/AssemblyReader.fs (9b01f37126d5b2487dac5da7899bb2b1a5cb56ef)
GROUP Build
NUGET
  remote: https://www.nuget.org/api/v2
  specs:
    FAKE (4.17.1)
    FSharp.Compiler.Service (1.4.2.3)
    FSharp.Formatting (2.13.5)
      FSharp.Compiler.Service (>= 1.4.2 < 1.5.0)
      FSharpVSPowerTools.Core (>= 2.2.0 < 2.3.0)
    FSharpVSPowerTools.Core (2.2.0)
      FSharp.Compiler.Service (>= 1.4.2.0)
    ILRepack (2.0.10)
    Microsoft.Bcl (1.1.10)
      Microsoft.Bcl.Build (>= 1.0.14)
    Microsoft.Bcl.Build (1.0.21) - import_targets: false
    Microsoft.Net.Http (2.2.29)
      Microsoft.Bcl (>= 1.1.10)
      Microsoft.Bcl.Build (>= 1.0.14)
    Octokit (0.17.0)
      Microsoft.Net.Http
GITHUB
  remote: fsharp/FAKE
  specs:
    modules/Octokit/Octokit.fsx (e537d90b050d02cc287cb64e18b72a8b7e984805)
      Octokit
GROUP Test
NUGET
  remote: https://www.nuget.org/api/v2
  specs:
    NUnit (2.6.4)
    NUnit.Runners.Net4 (2.6.4)
GITHUB
  remote: forki/FsUnit
  specs:
    FsUnit.fs (09548391a0c613c7ab01691fe8a3f05a7c8d701a)